GIT
  remote: git://github.com/datamapper/dm-types.git
  revision: 674738f
  ref: 674738f2a94788b975e9
  specs:
    dm-types (1.0.0)
      dm-core (~> 1.0.0)
      fastercsv (~> 1.5.3)
      json_pure (~> 1.4.3)
      stringex (~> 1.1.0)
      uuidtools (~> 2.1.1)

GIT
  remote: git://github.com/yogo/yogo-project.git
  revision: 561646a
  specs:
    yogo-project (0.3.2)
      carrierwave
      configatron
      dm-aggregates
      dm-core
      dm-is-remixable
      dm-migrations
      dm-timestamps
      dm-validations
      facets

GEM
  remote: http://rubygems.org/
  specs:
    actionmailer (2.3.8)
      actionpack (= 2.3.8)
    actionpack (2.3.8)
      activesupport (= 2.3.8)
      rack (~> 1.1.0)
    activerecord (2.3.8)
      activesupport (= 2.3.8)
    activeresource (2.3.8)
      activesupport (= 2.3.8)
    activesupport (2.3.8)
    addressable (2.2.2)
    bcrypt-ruby (2.1.2)
    bluecloth (2.0.9)
    capistrano (2.5.19)
      highline
      net-scp (>= 1.0.0)
      net-sftp (>= 2.0.0)
      net-ssh (>= 2.0.14)
      net-ssh-gateway (>= 1.0.0)
    carrierwave (0.4.10)
    compass (0.10.5)
      haml (>= 3.0.4)
    configatron (2.6.4)
      yamler (>= 0.1.0)
    data_objects (0.10.2)
      addressable (~> 2.1)
    dm-adjust (1.0.0)
      dm-core (~> 1.0.0)
    dm-aggregates (1.0.0)
      dm-core (~> 1.0.0)
    dm-core (1.0.0)
      addressable (~> 2.1)
      extlib (~> 0.9.15)
    dm-do-adapter (1.0.0)
      data_objects (~> 0.10.1)
      dm-core (~> 1.0.0)
    dm-is-list (1.0.0)
      dm-adjust (~> 1.0.0)
      dm-core (~> 1.0.0)
    dm-is-remixable (1.0.0)
      dm-core (~> 1.0.0)
    dm-is-versioned (1.0.0)
      dm-core (~> 1.0.0)
    dm-migrations (1.0.0)
      dm-core (~> 1.0.0)
    dm-persevere-adapter (0.72.0)
      dm-aggregates (~> 1.0)
      dm-core (~> 1.0)
      dm-migrations
      dm-types (~> 1.0)
      dm-validations
    dm-rest-adapter (1.0.0)
      dm-core (~> 1.0.0)
      dm-serializer (~> 1.0.0)
    dm-serializer (1.0.0)
      dm-core (~> 1.0.0)
      fastercsv (~> 1.5.3)
      json_pure (~> 1.4.3)
    dm-sqlite-adapter (1.0.0)
      dm-do-adapter (~> 1.0.0)
      do_sqlite3 (~> 0.10.2)
    dm-timestamps (1.0.0)
      dm-core (~> 1.0.0)
    dm-validations (1.0.0)
      dm-core (~> 1.0.0)
    do_sqlite3 (0.10.2)
      data_objects (= 0.10.2)
    extlib (0.9.15)
    facets (2.9.0)
    fastercsv (1.5.3)
    gemcutter (0.6.1)
    git (1.2.5)
    haml (3.0.21)
    has_scope (0.5.0)
    highline (1.6.1)
    hoe (2.6.2)
      rake (>= 0.8.7)
      rubyforge (>= 2.0.4)
    inherited_resources (1.0.6)
      has_scope (~> 0.5.0)
      responders (~> 0.4.6)
    jeweler (1.4.0)
      gemcutter (>= 0.1.0)
      git (>= 1.2.5)
      rubyforge (>= 2.0.0)
    json (1.4.6)
    json_pure (1.4.6)
    mail (2.2.7)
      activesupport (>= 2.3.6)
      mime-types
      treetop (>= 1.4.5)
    mime-types (1.16)
    net-scp (1.0.4)
      net-ssh (>= 1.99.1)
    net-sftp (2.0.5)
      net-ssh (>= 2.0.9)
    net-ssh (2.0.23)
    net-ssh-gateway (1.0.1)
      net-ssh (>= 1.99.1)
    polyglot (0.3.1)
    pony (1.0.1)
      mail (> 2.0)
    rack (1.1.0)
    rails (2.3.8)
      actionmailer (= 2.3.8)
      actionpack (= 2.3.8)
      activerecord (= 2.3.8)
      activeresource (= 2.3.8)
      activesupport (= 2.3.8)
      rake (>= 0.8.3)
    rails-footnotes (3.6.7)
    rails_warden (0.5.2)
      warden
    rake (0.8.7)
    responders (0.4.7)
    rspec (1.3.1)
    rspec-rails (1.3.3)
      rack (>= 1.0.0)
      rspec (= 1.3.1)
    rubyforge (2.0.4)
      json_pure (>= 1.1.7)
    stringex (1.1.0)
    test-unit (1.2.3)
      hoe (>= 1.5.1)
    treetop (1.4.8)
      polyglot (>= 0.3.1)
    uuidtools (2.1.1)
    warden (1.0.1)
      rack (>= 1.0.0)
    yamler (0.1.0)
    yard (0.6.1)
    yardstick (0.1.0)
      yard (~> 0.2)

PLATFORMS
  ruby

DEPENDENCIES
  bcrypt-ruby
  bluecloth
  capistrano
  carrierwave
  compass
  dm-core
  dm-is-list
  dm-is-versioned
  dm-migrations
  dm-persevere-adapter (= 0.72.0)
  dm-rest-adapter
  dm-sqlite-adapter
  dm-types (~> 1.0.0)!
  dm-validations
  fastercsv
  haml
  inherited_resources (~> 1.0.6)
  jeweler
  json
  mail
  mime-types
  polyglot
  pony
  rails (= 2.3.8)
  rails-footnotes
  rails_warden
  rake
  rspec (~> 1.3.0)
  rspec-rails (~> 1.3.2)
  test-unit (= 1.2.3)
  treetop
  uuidtools
  yard
  yardstick
  yogo-project!
