GIT
  remote: git://github.com/rails/exception_notification.git
  revision: 192a49a02d63d28b23ed41cebadfedd490929cf1
  specs:
    exception_notification (1.0.0)

GIT
  remote: git://github.com/robbielamb/delayed_job.git
  revision: c505e726ee86c5a12a78a69a9d76eb2b759ca5f4
  specs:
    delayed_job (1.7.0)
      dm-core (~> 1.0.2)
      dm-timestamps (~> 1.0.2)
      dm-types (~> 1.0.2)

GEM
  remote: http://rubygems.org/
  specs:
    abstract (1.0.0)
    actionmailer (3.0.5)
      actionpack (= 3.0.5)
      mail (~> 2.2.15)
    actionpack (3.0.5)
      activemodel (= 3.0.5)
      activesupport (= 3.0.5)
      builder (~> 2.1.2)
      erubis (~> 2.6.6)
      i18n (~> 0.4)
      rack (~> 1.2.1)
      rack-mount (~> 0.6.13)
      rack-test (~> 0.5.7)
      tzinfo (~> 0.3.23)
    activemodel (3.0.5)
      activesupport (= 3.0.5)
      builder (~> 2.1.2)
      i18n (~> 0.4)
    activerecord (3.0.5)
      activemodel (= 3.0.5)
      activesupport (= 3.0.5)
      arel (~> 2.0.2)
      tzinfo (~> 0.3.23)
    activeresource (3.0.5)
      activemodel (= 3.0.5)
      activesupport (= 3.0.5)
    activesupport (3.0.5)
    addressable (2.2.4)
    apotomo (1.0.5)
      cells (~> 3.4.0)
      hooks (~> 0.1.3)
      onfire (~> 0.1.1)
      rails (~> 3.0)
    archive-tar-minitar (0.5.2)
    arel (2.0.9)
    bcrypt-ruby (2.1.1)
    bluecloth (2.1.0)
    builder (2.1.2)
    capistrano (2.5.19)
      highline
      net-scp (>= 1.0.0)
      net-sftp (>= 2.0.0)
      net-ssh (>= 2.0.14)
      net-ssh-gateway (>= 1.0.0)
    carrierwave (0.5.2)
      activesupport (~> 3.0)
    cells (3.4.4)
    columnize (0.3.2)
    compass (0.10.6)
      haml (>= 3.0.4)
    configatron (2.7.0)
      yamler (>= 0.1.0)
    data_mapper (1.0.2)
      dm-aggregates (= 1.0.2)
      dm-constraints (= 1.0.2)
      dm-core (= 1.0.2)
      dm-migrations (= 1.0.2)
      dm-serializer (= 1.0.2)
      dm-timestamps (= 1.0.2)
      dm-transactions (= 1.0.2)
      dm-types (= 1.0.2)
      dm-validations (= 1.0.2)
    data_objects (0.10.3)
      addressable (~> 2.1)
    dataflow (0.3.1)
    diff-lcs (1.1.2)
    dm-active_model (1.0.3)
      activemodel (~> 3.0.0)
      dm-core (~> 1.0.2)
    dm-adjust (1.0.2)
      dm-core (~> 1.0.2)
    dm-aggregates (1.0.2)
      dm-core (~> 1.0.2)
    dm-constraints (1.0.2)
      dm-core (~> 1.0.2)
      dm-migrations (~> 1.0.2)
    dm-core (1.0.2)
      addressable (~> 2.2)
      extlib (~> 0.9.15)
    dm-do-adapter (1.0.2)
      data_objects (~> 0.10.2)
      dm-core (~> 1.0.2)
    dm-is-list (1.0.2)
      dm-adjust (~> 1.0.2)
      dm-core (~> 1.0.2)
    dm-is-remixable (1.0.2)
      dm-core (~> 1.0.2)
    dm-is-versioned (1.0.2)
      dm-core (~> 1.0.2)
    dm-migrations (1.0.2)
      dm-core (~> 1.0.2)
    dm-postgres-adapter (1.0.2)
      dm-do-adapter (~> 1.0.2)
      do_postgres (~> 0.10.2)
    dm-rails (1.0.4)
      actionpack (~> 3.0.0)
      activesupport (~> 3.0.0)
      dm-active_model (~> 1.0.3)
      dm-core (~> 1.0.0)
      railties (~> 3.0.0)
    dm-rest-adapter (1.0.2)
      dm-core (~> 1.0.2)
      dm-serializer (~> 1.0.2)
    dm-serializer (1.0.2)
      dm-core (~> 1.0.2)
      fastercsv (~> 1.5.3)
      json_pure (~> 1.4)
    dm-sqlite-adapter (1.0.2)
      dm-do-adapter (~> 1.0.2)
      do_sqlite3 (~> 0.10.2)
    dm-timestamps (1.0.2)
      dm-core (~> 1.0.2)
    dm-transactions (1.0.2)
      dm-core (~> 1.0.2)
    dm-types (1.0.2)
      dm-core (~> 1.0.2)
      fastercsv (~> 1.5.3)
      json_pure (~> 1.4)
      stringex (~> 1.1.0)
      uuidtools (~> 2.1.1)
    dm-validations (1.0.2)
      dm-core (~> 1.0.2)
    dm-visualizer (0.2.1)
      dm-core (>= 1.0.0)
      ruby-graphviz (>= 0.9.10)
    do_postgres (0.10.3)
      data_objects (= 0.10.3)
    do_sqlite3 (0.10.3)
      data_objects (= 0.10.3)
    erubis (2.6.6)
      abstract (>= 1.0.0)
    extlib (0.9.15)
    facets (2.9.1)
    fastercsv (1.5.4)
    haml (3.0.25)
    has_scope (0.5.0)
    highline (1.6.1)
    hoe (2.9.1)
      rake (>= 0.8.7)
    hooks (0.1.3)
    i18n (0.4.2)
    inherited_resources (1.2.1)
      has_scope (~> 0.5.0)
      responders (~> 0.6.0)
    jquery-rails (0.2.7)
      rails (~> 3.0)
      thor (~> 0.14.4)
    json (1.5.1)
    json_pure (1.5.1)
    linecache (0.43)
    linecache19 (0.5.11)
      ruby_core_source (>= 0.1.4)
    mail (2.2.15)
      activesupport (>= 2.3.6)
      i18n (>= 0.4.0)
      mime-types (~> 1.16)
      treetop (~> 1.4.8)
    mime-types (1.16)
    net-scp (1.0.4)
      net-ssh (>= 1.99.1)
    net-sftp (2.0.5)
      net-ssh (>= 2.0.9)
    net-ssh (2.1.3)
    net-ssh-gateway (1.0.1)
      net-ssh (>= 1.99.1)
    onfire (0.1.2)
    polyglot (0.3.1)
    rack (1.2.2)
    rack-mount (0.6.13)
      rack (>= 1.0.0)
    rack-test (0.5.7)
      rack (>= 1.0)
    rails (3.0.5)
      actionmailer (= 3.0.5)
      actionpack (= 3.0.5)
      activerecord (= 3.0.5)
      activeresource (= 3.0.5)
      activesupport (= 3.0.5)
      bundler (~> 1.0)
      railties (= 3.0.5)
    rails_warden (0.5.2)
      warden
    railties (3.0.5)
      actionpack (= 3.0.5)
      activesupport (= 3.0.5)
      rake (>= 0.8.7)
      thor (~> 0.14.4)
    rake (0.8.7)
    responders (0.6.2)
    rspec (2.5.0)
      rspec-core (~> 2.5.0)
      rspec-expectations (~> 2.5.0)
      rspec-mocks (~> 2.5.0)
    rspec-core (2.5.1)
    rspec-expectations (2.5.0)
      diff-lcs (~> 1.1.2)
    rspec-mocks (2.5.0)
    rspec-rails (2.5.0)
      actionpack (~> 3.0)
      activesupport (~> 3.0)
      railties (~> 3.0)
      rspec (~> 2.5.0)
    ruby-debug (0.10.4)
      columnize (>= 0.1)
      ruby-debug-base (~> 0.10.4.0)
    ruby-debug-base (0.10.4)
      linecache (>= 0.3)
    ruby-debug-base19 (0.11.24)
      columnize (>= 0.3.1)
      linecache19 (>= 0.5.11)
      ruby_core_source (>= 0.1.4)
    ruby-debug19 (0.11.6)
      columnize (>= 0.3.1)
      linecache19 (>= 0.5.11)
      ruby-debug-base19 (>= 0.11.19)
    ruby-graphviz (0.9.20)
    ruby_core_source (0.1.4)
      archive-tar-minitar (>= 0.5.2)
    sinatra (1.2.0)
      rack (~> 1.1)
      tilt (< 2.0, >= 1.2.2)
    stringex (1.1.0)
    test-unit (1.2.3)
      hoe (>= 1.5.1)
    thor (0.14.6)
    tilt (1.2.2)
    treetop (1.4.9)
      polyglot (>= 0.3.1)
    tzinfo (0.3.24)
    uuidtools (2.1.2)
    warden (1.0.3)
      rack (>= 1.0.0)
    yamler (0.1.0)
    yard (0.6.5)
    yardstick (0.2.0)
      yard (~> 0.6.1)
    yogo-datamapper (0.5.0)
      data_mapper (~> 1.0.2)
      dm-is-remixable
      yogo-operation
      yogo-support
    yogo-db (0.5.0)
      activesupport
      carrierwave
      data_mapper (~> 1.0.2)
      dm-postgres-adapter
      dm-sqlite-adapter
      json
      rack
      sinatra
      yogo-datamapper
      yogo-operation
    yogo-framework (0.5.1)
      data_mapper (~> 1.0.2)
      dm-is-list
      dm-is-versioned
      dm-rest-adapter
      yogo-datamapper
      yogo-db
      yogo-operation
      yogo-project
    yogo-operation (0.1.2)
      dataflow
      yogo-support (~> 0.1.0)
    yogo-project (0.5.1)
      carrierwave
      configatron
      data_mapper (~> 1.0.2)
      dm-is-remixable
      dm-postgres-adapter
      dm-sqlite-adapter
      facets
      yogo-operation
    yogo-support (0.1.1)

PLATFORMS
  ruby

DEPENDENCIES
  actionmailer
  actionpack
  activesupport
  apotomo
  bcrypt-ruby (= 2.1.1)
  bluecloth
  capistrano
  cells (= 3.4.4)
  compass (>= 0.10.6)
  delayed_job!
  dm-aggregates
  dm-is-list
  dm-is-versioned
  dm-migrations
  dm-rails
  dm-timestamps
  dm-transactions
  dm-types
  dm-validations
  dm-visualizer
  exception_notification!
  fastercsv
  haml
  i18n (~> 0.4.0)
  inherited_resources
  jquery-rails
  mime-types
  rails_warden
  railties
  rake
  rspec
  rspec-core
  rspec-expectations
  rspec-mocks
  rspec-rails
  ruby-debug
  ruby-debug19
  test-unit (~> 1.2.1)
  uuidtools
  yard
  yardstick
  yogo-framework
  yogo-project
