GIT
  remote: git://github.com/datamapper/dm-types.git
  revision: 674738f
  ref: 674738f2a94788b975e9
  specs:
    dm-types (1.0.0)
      dm-core (~> 1.0.0)
      fastercsv (~> 1.5.3)
      json_pure (~> 1.4.3)
      stringex (~> 1.1.0)
      uuidtools (~> 2.1.1)

GIT
  remote: git://github.com/yogo/yogo-project.git
  revision: c3214cb
  branch: topic/managers
  specs:
    yogo-project (0.3.2)
      carrierwave
      configatron
      deep_merge
      dm-aggregates (~> 1.0.0)
      dm-core (~> 1.0.0)
      dm-migrations (~> 1.0.0)
      dm-timestamps (~> 1.0.0)
      dm-types (~> 1.0.0)
      dm-validations (~> 1.0.0)

GEM
  remote: http://rubygems.org/
  specs:
    BlueCloth (1.0.1)
    Saikuro (1.1.0)
    ZenTest (4.3.3)
    actionmailer (2.3.5)
      actionpack (= 2.3.5)
    actionpack (2.3.5)
      activesupport (= 2.3.5)
      rack (~> 1.0.0)
    activerecord (2.3.5)
      activesupport (= 2.3.5)
    activeresource (2.3.5)
      activesupport (= 2.3.5)
    activesupport (2.3.5)
    addressable (2.2.0)
    arrayfields (4.7.4)
    bcrypt-ruby (2.1.2)
    bouncy-castle-java (1.5.0145.2)
    builder (2.1.2)
    capistrano (2.5.19)
      highline
      net-scp (>= 1.0.0)
      net-sftp (>= 2.0.0)
      net-ssh (>= 2.0.14)
      net-ssh-gateway (>= 1.0.0)
    carrierwave (0.4.9)
    chronic (0.2.3)
      hoe (>= 1.2.1)
    churn (0.0.12)
      chronic (~> 0.2.3)
      hirb
      json_pure
      main
      ruby_parser (~> 2.0.4)
      sexp_processor (~> 3.0.3)
    compass (0.10.4)
      haml (>= 3.0.4)
    configatron (2.6.3)
      yamler (>= 0.1.0)
    cucumber (0.8.5)
      builder (~> 2.1.2)
      diff-lcs (~> 1.1.2)
      gherkin (~> 2.1.4)
      json_pure (~> 1.4.3)
      term-ansicolor (~> 1.0.4)
    cucumber-rails (0.3.2)
      cucumber (>= 0.8.0)
    data_objects (0.10.2)
      addressable (~> 2.1)
    deep_merge (0.1.0)
    diff-lcs (1.1.2)
    dm-aggregates (1.0.0)
      dm-core (~> 1.0.0)
    dm-core (1.0.0)
      addressable (~> 2.1)
      extlib (~> 0.9.15)
    dm-do-adapter (1.0.0)
      data_objects (~> 0.10.1)
      dm-core (~> 1.0.0)
    dm-migrations (1.0.0)
      dm-core (~> 1.0.0)
    dm-persevere-adapter (0.72.0)
      dm-aggregates (~> 1.0)
      dm-core (~> 1.0)
      dm-migrations
      dm-types (~> 1.0)
      dm-validations
    dm-sqlite-adapter (1.0.0)
      dm-do-adapter (~> 1.0.0)
      do_sqlite3 (~> 0.10.2)
    dm-sqlserver-adapter (1.0.0)
      dm-do-adapter (~> 1.0.0)
      do_sqlserver (~> 0.10.2)
    dm-timestamps (1.0.0)
      dm-core (~> 1.0.0)
    dm-validations (1.0.0)
      dm-core (~> 1.0.0)
    do-jdbc_sqlserver (1.2.4-java)
    do_jdbc (0.10.2-java)
      data_objects (= 0.10.2)
    do_sqlite3 (0.10.2-java)
      data_objects (= 0.10.2)
      do_jdbc (= 0.10.2)
      jdbc-sqlite3 (>= 3.5.8)
    do_sqlserver (0.10.2-java)
      data_objects (= 0.10.2)
      do-jdbc_sqlserver (~> 1.2.4)
      do_jdbc (= 0.10.2)
    extlib (0.9.15)
    factory_girl (1.2.4)
    fastercsv (1.5.3)
    fattr (2.1.0)
    flay (1.4.0)
      ruby_parser (~> 2.0)
      sexp_processor (~> 3.0)
    flog (2.4.0)
      ruby_parser (~> 2.0)
      sexp_processor (~> 3.0)
    gherkin (2.1.5-java)
      trollop (~> 1.16.2)
    glassfish (1.0.2-java)
      rack (>= 0.4.0)
    googlecharts (1.6.0)
    haml (3.0.17)
    has_scope (0.5.0)
    highline (1.6.1)
    hirb (0.3.3)
    hoe (2.6.1)
      rake (>= 0.8.7)
      rubyforge (>= 2.0.4)
    inherited_resources (1.0.6)
      has_scope (~> 0.5.0)
      responders (~> 0.4.6)
    jdbc-sqlite3 (3.6.3.054)
    jruby-jars (1.5.1)
    jruby-openssl (0.7.1)
      bouncy-castle-java
    jruby-rack (1.0.3)
    json_pure (1.4.6)
    main (4.2.0)
      arrayfields (>= 4.7.4)
      fattr (>= 2.1.0)
    metric_fu (1.5.1)
      Saikuro (>= 1.1.0)
      activesupport (>= 2.0.0)
      chronic (>= 0.2.3)
      churn (>= 0.0.7)
      flay (>= 1.2.1)
      flog (>= 2.2.0)
      rails_best_practices (>= 0.3.16)
      rcov (>= 0.8.3.3)
      reek (>= 1.2.6)
      roodi (>= 2.1.0)
    mime-types (1.16)
    net-scp (1.0.3)
      net-ssh (>= 1.99.1)
    net-sftp (2.0.4)
      net-ssh (>= 2.0.9)
    net-ssh (2.0.23)
    net-ssh-gateway (1.0.1)
      net-ssh (>= 1.99.1)
    nokogiri (1.4.3.1-java)
      weakling (>= 0.0.3)
    rack (1.0.1)
    rack-test (0.5.4)
      rack (>= 1.0)
    rails (2.3.5)
      actionmailer (= 2.3.5)
      actionpack (= 2.3.5)
      activerecord (= 2.3.5)
      activeresource (= 2.3.5)
      activesupport (= 2.3.5)
      rake (>= 0.8.3)
    rails-footnotes (3.6.7)
    rails_best_practices (0.4.0)
      ruby2ruby (>= 1.2.4)
      ruby_parser (>= 2.0.4)
    rails_warden (0.5.2)
      warden
    rake (0.8.7)
    rcov (0.9.8-java)
    redgreen (1.2.2)
    reek (1.2.8)
      ruby2ruby (~> 1.2)
      ruby_parser (~> 2.0)
      sexp_processor (~> 3.0)
    responders (0.4.7)
    roodi (2.1.0)
      ruby_parser
    rspec (1.3.0)
    rspec-rails (1.3.2)
      rack (>= 1.0.0)
      rspec (>= 1.3.0)
    ruby2ruby (1.2.4)
      ruby_parser (~> 2.0)
      sexp_processor (~> 3.0)
    ruby_parser (2.0.4)
      sexp_processor (~> 3.0)
    rubyforge (2.0.4)
      json_pure (>= 1.1.7)
    rubyzip (0.9.4)
    selenium-client (1.2.18)
    sexp_processor (3.0.4)
    stringex (1.1.0)
    term-ansicolor (1.0.5)
    trollop (1.16.2)
    uuidtools (2.1.1)
    warbler (1.2.1)
      jruby-jars (>= 1.4.0)
      jruby-rack (>= 1.0.0)
      rake (>= 0.8.7)
      rubyzip (>= 0.9.4)
    warden (0.10.7)
      rack (>= 1.0.0)
    weakling (0.0.4-java)
    webrat (0.7.1)
      nokogiri (>= 1.2.0)
      rack (>= 1.0)
      rack-test (>= 0.5.3)
    yamler (0.1.0)
    yard (0.5.8)
    yardstick (0.1.0)
      yard (~> 0.2)

PLATFORMS
  java

DEPENDENCIES
  BlueCloth
  Saikuro
  ZenTest
  arrayfields
  bcrypt-ruby
  capistrano
  carrierwave
  chronic
  churn
  compass
  cucumber
  cucumber-rails
  dm-core (= 1.0)
  dm-migrations
  dm-persevere-adapter (= 0.72.0)
  dm-sqlite-adapter
  dm-sqlserver-adapter
  dm-types (~> 1.0.0)!
  factory_girl (~> 1.2.3)
  fastercsv
  fattr
  flay
  flog
  glassfish
  googlecharts
  haml
  hirb
  hoe
  inherited_resources (~> 1.0.6)
  jruby-openssl
  json_pure
  main
  metric_fu
  mime-types
  rack (= 1.0.1)
  rails (= 2.3.5)
  rails-footnotes
  rails_warden
  rake
  redgreen
  reek
  roodi
  rspec (~> 1.3.0)
  rspec-rails (~> 1.3.2)
  ruby2ruby
  ruby_parser
  selenium-client
  uuidtools
  warbler
  webrat
  yard
  yardstick
  yogo-project!
