GIT
  remote: git://github.com/robbielamb/delayed_job.git
  revision: 6e81aa9b1dfccd92cb337243f0ce41b630820a50
  specs:
    delayed_job (1.7.0)
      dm-core (~> 1.1.0)
      dm-timestamps (~> 1.1.0)
      dm-types (~> 1.1.0)

GIT
  remote: git://github.com/yogo/yogo-project.git
  revision: ee883545fbeaaed813fc5b5d140abef817cb8e9f
  specs:
    yogo-project (0.5.1)
      carrierwave
      configatron
      data_mapper (= 1.1.0)
      dm-is-remixable
      dm-postgres-adapter
      dm-sqlite-adapter
      facets
      yogo-operation
      yogo-project

GEM
  remote: http://rubygems.org/
  specs:
    abstract (1.0.0)
    actionmailer (3.0.5)
      actionpack (= 3.0.5)
      mail (~> 2.2.15)
    actionpack (3.0.5)
      activemodel (= 3.0.5)
      activesupport (= 3.0.5)
      builder (~> 2.1.2)
      erubis (~> 2.6.6)
      i18n (~> 0.4)
      rack (~> 1.2.1)
      rack-mount (~> 0.6.13)
      rack-test (~> 0.5.7)
      tzinfo (~> 0.3.23)
    activemodel (3.0.5)
      activesupport (= 3.0.5)
      builder (~> 2.1.2)
      i18n (~> 0.4)
    activerecord (3.0.5)
      activemodel (= 3.0.5)
      activesupport (= 3.0.5)
      arel (~> 2.0.2)
      tzinfo (~> 0.3.23)
    activeresource (3.0.5)
      activemodel (= 3.0.5)
      activesupport (= 3.0.5)
    activesupport (3.0.5)
    addressable (2.2.4)
    apotomo (1.1.1)
      cells (~> 3.5.6)
      hooks (~> 0.1.3)
      onfire (~> 0.2.0)
      rails (~> 3.0)
    archive-tar-minitar (0.5.2)
    arel (2.0.9)
    backports (2.0.3)
    bcrypt-ruby (2.1.4)
    builder (2.1.2)
    capistrano (2.5.20)
      highline
      highline
      net-scp (>= 1.0.0)
      net-scp
      net-sftp
      net-sftp (>= 2.0.0)
      net-ssh (>= 2.0.14)
      net-ssh
      net-ssh-gateway
      net-ssh-gateway (>= 1.0.0)
    carrierwave (0.5.3)
      activesupport (~> 3.0)
    cells (3.5.6)
      actionpack (~> 3.0.0)
      railties (~> 3.0.0)
    columnize (0.3.2)
    compass (0.10.6)
      haml (>= 3.0.4)
    configatron (2.7.2)
      yamler (>= 0.1.0)
    daemons (1.1.2)
    data_mapper (1.1.0)
      dm-aggregates (= 1.1.0)
      dm-constraints (= 1.1.0)
      dm-core (= 1.1.0)
      dm-migrations (= 1.1.0)
      dm-serializer (= 1.1.0)
      dm-timestamps (= 1.1.0)
      dm-transactions (= 1.1.0)
      dm-types (= 1.1.0)
      dm-validations (= 1.1.0)
    data_objects (0.10.3)
      addressable (~> 2.1)
    dataflow (0.3.1)
    diff-lcs (1.1.2)
    dm-active_model (1.1.0)
      activemodel (~> 3.0.4)
      dm-core (~> 1.1.0)
    dm-adjust (1.1.0)
      dm-core (~> 1.1.0)
    dm-aggregates (1.1.0)
      dm-core (~> 1.1.0)
    dm-constraints (1.1.0)
      dm-core (~> 1.1.0)
    dm-core (1.1.0)
      addressable (~> 2.2.4)
    dm-do-adapter (1.1.0)
      data_objects (~> 0.10.2)
      dm-core (~> 1.1.0)
    dm-is-list (1.1.0)
      dm-adjust (~> 1.1.0)
    dm-is-remixable (1.1.0)
      dm-core (~> 1.1.0)
    dm-is-versioned (1.1.0)
      dm-core (~> 1.1.0)
    dm-migrations (1.1.0)
      dm-core (~> 1.1.0)
    dm-postgres-adapter (1.1.0)
      dm-do-adapter (~> 1.1.0)
      do_postgres (~> 0.10.2)
    dm-rails (1.1.0)
      actionpack (~> 3.0.4)
      dm-active_model (~> 1.1.0)
      dm-core (~> 1.1.0)
      railties (~> 3.0.4)
    dm-rest-adapter (1.1.0)
      dm-serializer (~> 1.1.0)
    dm-serializer (1.1.0)
      dm-core (~> 1.1.0)
      fastercsv (~> 1.5.4)
      json (~> 1.4.6)
    dm-sqlite-adapter (1.1.0)
      dm-do-adapter (~> 1.1.0)
      do_sqlite3 (~> 0.10.2)
    dm-timestamps (1.1.0)
      dm-core (~> 1.1.0)
    dm-transactions (1.1.0)
      dm-core (~> 1.1.0)
    dm-types (1.1.0)
      bcrypt-ruby (~> 2.1.4)
      dm-core (~> 1.1.0)
      fastercsv (~> 1.5.4)
      json (~> 1.4.6)
      stringex (~> 1.2.0)
      uuidtools (~> 2.1.2)
    dm-validations (1.1.0)
      dm-core (~> 1.1.0)
    dm-visualizer (0.2.1)
      dm-core (>= 1.0.0)
      ruby-graphviz (>= 0.9.10)
    do_postgres (0.10.3)
      data_objects (= 0.10.3)
    do_sqlite3 (0.10.3)
      data_objects (= 0.10.3)
    erubis (2.6.6)
      abstract (>= 1.0.0)
    eventmachine (0.12.10)
    exception_notification (2.4.0)
    facets (2.9.1)
    fastercsv (1.5.4)
    git (1.2.5)
    haml (3.0.25)
    has_scope (0.5.0)
    highline (1.6.1)
    hoe (2.9.1)
      rake (>= 0.8.7)
    hooks (0.1.3)
    i18n (0.4.2)
    inherited_resources (1.2.1)
      has_scope (~> 0.5.0)
      responders (~> 0.6.0)
    jeweler (1.5.2)
      bundler (~> 1.0.0)
      git (>= 1.2.5)
      rake
    jquery-rails (0.2.7)
      rails (~> 3.0)
      thor (~> 0.14.4)
    json (1.4.6)
    linecache (0.43)
    linecache19 (0.5.11)
      ruby_core_source (>= 0.1.4)
    mail (2.2.15)
      activesupport (>= 2.3.6)
      i18n (>= 0.4.0)
      mime-types (~> 1.16)
      treetop (~> 1.4.8)
    mime-types (1.16)
    monkey-lib (0.5.4)
      backports
    net-scp (1.0.4)
      net-ssh (>= 1.99.1)
    net-sftp (2.0.5)
      net-ssh (>= 2.0.9)
    net-ssh (2.1.3)
    net-ssh-gateway (1.0.1)
      net-ssh (>= 1.99.1)
    onfire (0.2.0)
    polyglot (0.3.1)
    rack (1.2.2)
    rack-mount (0.6.14)
      rack (>= 1.0.0)
    rack-test (0.5.7)
      rack (>= 1.0)
    racksh (0.9.8)
      rack (>= 1.0)
      rack-test (>= 0.5)
    rails (3.0.5)
      actionmailer (= 3.0.5)
      actionpack (= 3.0.5)
      activerecord (= 3.0.5)
      activeresource (= 3.0.5)
      activesupport (= 3.0.5)
      bundler (~> 1.0)
      railties (= 3.0.5)
    rails_warden (0.5.2)
      warden
    railties (3.0.5)
      actionpack (= 3.0.5)
      activesupport (= 3.0.5)
      rake (>= 0.8.7)
      thor (~> 0.14.4)
    rake (0.8.7)
    responders (0.6.2)
    rspec (2.5.0)
      rspec-core (~> 2.5.0)
      rspec-expectations (~> 2.5.0)
      rspec-mocks (~> 2.5.0)
    rspec-core (2.5.1)
    rspec-expectations (2.5.0)
      diff-lcs (~> 1.1.2)
    rspec-mocks (2.5.0)
    rspec-rails (2.5.0)
      actionpack (~> 3.0)
      activesupport (~> 3.0)
      railties (~> 3.0)
      rspec (~> 2.5.0)
    ruby-debug (0.10.4)
      columnize (>= 0.1)
      ruby-debug-base (~> 0.10.4.0)
    ruby-debug-base (0.10.4)
      linecache (>= 0.3)
    ruby-debug-base19 (0.11.24)
      columnize (>= 0.3.1)
      linecache19 (>= 0.5.11)
      ruby_core_source (>= 0.1.4)
    ruby-debug19 (0.11.6)
      columnize (>= 0.3.1)
      linecache19 (>= 0.5.11)
      ruby-debug-base19 (>= 0.11.19)
    ruby-graphviz (0.9.21)
    ruby_core_source (0.1.4)
      archive-tar-minitar (>= 0.5.2)
    sinatra (1.2.1)
      rack (~> 1.1)
      tilt (< 2.0, >= 1.2.2)
    sinatra-advanced-routes (0.5.1)
      monkey-lib (~> 0.5.0)
      sinatra (~> 1.0)
      sinatra-sugar (~> 0.5.0)
    sinatra-reloader (0.5.0)
      sinatra (~> 1.0)
      sinatra-advanced-routes (~> 0.5.0)
    sinatra-sugar (0.5.0)
      monkey-lib (~> 0.5.0)
      sinatra (~> 1.0)
    stringex (1.2.1)
    test-unit (1.2.3)
      hoe (>= 1.5.1)
    thin (1.2.11)
      daemons (>= 1.0.9)
      eventmachine (>= 0.12.6)
      rack (>= 1.0.0)
    thor (0.14.6)
    tilt (1.2.2)
    treetop (1.4.9)
      polyglot (>= 0.3.1)
    tzinfo (0.3.25)
    uuidtools (2.1.2)
    warden (1.0.3)
      rack (>= 1.0.0)
    yamler (0.1.0)
    yard (0.6.5)
    yardstick (0.3.0)
      yard (~> 0.6.5)
    yogo-framework (0.4.0)
      data_mapper
      dm-is-list
      dm-is-versioned
      dm-rest-adapter
      jeweler
      racksh
      rake
      sinatra-reloader
      yard
    yogo-operation (0.1.2)
      dataflow
      yogo-support (~> 0.1.0)
    yogo-support (0.1.1)

PLATFORMS
  ruby

DEPENDENCIES
  actionmailer
  actionpack
  activesupport
  apotomo (~> 1.1)
  capistrano
  cells (~> 3.5.4)
  compass (>= 0.10.6)
  delayed_job!
  dm-aggregates (= 1.1.0)
  dm-is-list (= 1.1.0)
  dm-is-versioned
  dm-migrations (= 1.1.0)
  dm-rails (= 1.1.0)
  dm-timestamps
  dm-transactions (= 1.1.0)
  dm-types (= 1.1.0)
  dm-validations
  dm-visualizer
  exception_notification
  fastercsv
  haml
  i18n (~> 0.4.0)
  inherited_resources
  jquery-rails
  mime-types
  rails_warden
  railties
  rake
  rspec
  rspec-core
  rspec-expectations
  rspec-mocks
  rspec-rails
  ruby-debug
  ruby-debug19
  test-unit (~> 1.2.1)
  thin
  uuidtools
  yard
  yardstick
  yogo-framework
  yogo-project!
