GEM
  remote: http://rubygems.org/
  specs:
    abstract (1.0.0)
    actionmailer (3.0.1)
      actionpack (= 3.0.1)
      mail (~> 2.2.5)
    actionpack (3.0.1)
      activemodel (= 3.0.1)
      activesupport (= 3.0.1)
      builder (~> 2.1.2)
      erubis (~> 2.6.6)
      i18n (~> 0.4.1)
      rack (~> 1.2.1)
      rack-mount (~> 0.6.12)
      rack-test (~> 0.5.4)
      tzinfo (~> 0.3.23)
    activemodel (3.0.1)
      activesupport (= 3.0.1)
      builder (~> 2.1.2)
      i18n (~> 0.4.1)
    activerecord (3.0.1)
      activemodel (= 3.0.1)
      activesupport (= 3.0.1)
      arel (~> 1.0.0)
      tzinfo (~> 0.3.23)
    activeresource (3.0.1)
      activemodel (= 3.0.1)
      activesupport (= 3.0.1)
    activesupport (3.0.1)
    addressable (2.2.2)
    archive-tar-minitar (0.5.2)
    arel (1.0.1)
      activesupport (~> 3.0.0)
    bcrypt-ruby (2.1.2)
    bluecloth (2.0.9)
    builder (2.1.2)
    capistrano (2.5.19)
      highline
      net-scp (>= 1.0.0)
      net-sftp (>= 2.0.0)
      net-ssh (>= 2.0.14)
      net-ssh-gateway (>= 1.0.0)
    carrierwave (0.5.0)
      activesupport (~> 3.0.0)
    columnize (0.3.2)
    compass (0.10.6)
      haml (>= 3.0.4)
    configatron (2.6.4)
      yamler (>= 0.1.0)
    data_mapper (1.0.2)
      dm-aggregates (= 1.0.2)
      dm-constraints (= 1.0.2)
      dm-core (= 1.0.2)
      dm-migrations (= 1.0.2)
      dm-serializer (= 1.0.2)
      dm-timestamps (= 1.0.2)
      dm-transactions (= 1.0.2)
      dm-types (= 1.0.2)
      dm-validations (= 1.0.2)
    data_objects (0.10.2)
      addressable (~> 2.1)
    dataflow (0.3.1)
    diff-lcs (1.1.2)
    dm-active_model (1.0.3)
      activemodel (~> 3.0.0)
      dm-core (~> 1.0.2)
    dm-adjust (1.0.2)
      dm-core (~> 1.0.2)
    dm-aggregates (1.0.2)
      dm-core (~> 1.0.2)
    dm-constraints (1.0.2)
      dm-core (~> 1.0.2)
      dm-migrations (~> 1.0.2)
    dm-core (1.0.2)
      addressable (~> 2.2)
      extlib (~> 0.9.15)
    dm-do-adapter (1.0.2)
      data_objects (~> 0.10.2)
      dm-core (~> 1.0.2)
    dm-is-list (1.0.2)
      dm-adjust (~> 1.0.2)
      dm-core (~> 1.0.2)
    dm-is-remixable (1.0.2)
      dm-core (~> 1.0.2)
    dm-is-versioned (1.0.2)
      dm-core (~> 1.0.2)
    dm-migrations (1.0.2)
      dm-core (~> 1.0.2)
    dm-postgres-adapter (1.0.2)
      dm-do-adapter (~> 1.0.2)
      do_postgres (~> 0.10.2)
    dm-rails (1.0.4)
      actionpack (~> 3.0.0)
      activesupport (~> 3.0.0)
      dm-active_model (~> 1.0.3)
      dm-core (~> 1.0.0)
      railties (~> 3.0.0)
    dm-rest-adapter (1.0.2)
      dm-core (~> 1.0.2)
      dm-serializer (~> 1.0.2)
    dm-serializer (1.0.2)
      dm-core (~> 1.0.2)
      fastercsv (~> 1.5.3)
      json_pure (~> 1.4)
    dm-sqlite-adapter (1.0.2)
      dm-do-adapter (~> 1.0.2)
      do_sqlite3 (~> 0.10.2)
    dm-timestamps (1.0.2)
      dm-core (~> 1.0.2)
    dm-transactions (1.0.2)
      dm-core (~> 1.0.2)
    dm-types (1.0.2)
      dm-core (~> 1.0.2)
      fastercsv (~> 1.5.3)
      json_pure (~> 1.4)
      stringex (~> 1.1.0)
      uuidtools (~> 2.1.1)
    dm-validations (1.0.2)
      dm-core (~> 1.0.2)
    do_postgres (0.10.2)
      data_objects (= 0.10.2)
    do_sqlite3 (0.10.2)
      data_objects (= 0.10.2)
    erubis (2.6.6)
      abstract (>= 1.0.0)
    extlib (0.9.15)
    facets (2.9.0)
    fastercsv (1.5.3)
    haml (3.0.23)
    has_scope (0.5.0)
    highline (1.6.1)
    hoe (2.6.2)
      rake (>= 0.8.7)
      rubyforge (>= 2.0.4)
    i18n (0.4.2)
    inherited_resources (1.1.2)
      has_scope (~> 0.5.0)
      responders (~> 0.6.0)
    jquery-rails (0.2.5)
      rails (~> 3.0)
      thor (~> 0.14.4)
    json (1.4.6)
    json_pure (1.4.6)
    linecache (0.43)
    linecache19 (0.5.11)
      ruby_core_source (>= 0.1.4)
    mail (2.2.9)
      activesupport (>= 2.3.6)
      i18n (~> 0.4.1)
      mime-types (~> 1.16)
      treetop (~> 1.4.8)
    mime-types (1.16)
    net-scp (1.0.4)
      net-ssh (>= 1.99.1)
    net-sftp (2.0.5)
      net-ssh (>= 2.0.9)
    net-ssh (2.0.23)
    net-ssh-gateway (1.0.1)
      net-ssh (>= 1.99.1)
    polyglot (0.3.1)
    pony (1.1)
      mail (> 2.0)
    rack (1.2.1)
    rack-mount (0.6.13)
      rack (>= 1.0.0)
    rack-test (0.5.6)
      rack (>= 1.0)
    rails (3.0.1)
      actionmailer (= 3.0.1)
      actionpack (= 3.0.1)
      activerecord (= 3.0.1)
      activeresource (= 3.0.1)
      activesupport (= 3.0.1)
      bundler (~> 1.0.0)
      railties (= 3.0.1)
    rails_warden (0.5.2)
      warden
    railties (3.0.1)
      actionpack (= 3.0.1)
      activesupport (= 3.0.1)
      rake (>= 0.8.4)
      thor (~> 0.14.0)
    rake (0.8.7)
    responders (0.6.2)
    rspec (2.1.0)
      rspec-core (~> 2.1.0)
      rspec-expectations (~> 2.1.0)
      rspec-mocks (~> 2.1.0)
    rspec-core (2.1.0)
    rspec-expectations (2.1.0)
      diff-lcs (~> 1.1.2)
    rspec-mocks (2.1.0)
    rspec-rails (2.1.0)
      rspec (~> 2.1.0)
    ruby-debug (0.10.4)
      columnize (>= 0.1)
      ruby-debug-base (~> 0.10.4.0)
    ruby-debug-base (0.10.4)
      linecache (>= 0.3)
    ruby-debug-base19 (0.11.24)
      columnize (>= 0.3.1)
      linecache19 (>= 0.5.11)
      ruby_core_source (>= 0.1.4)
    ruby-debug19 (0.11.6)
      columnize (>= 0.3.1)
      linecache19 (>= 0.5.11)
      ruby-debug-base19 (>= 0.11.19)
    ruby_core_source (0.1.4)
      archive-tar-minitar (>= 0.5.2)
    rubyforge (2.0.4)
      json_pure (>= 1.1.7)
    sinatra (1.1.0)
      rack (~> 1.1)
      tilt (~> 1.1)
    stringex (1.1.0)
    test-unit (1.2.3)
      hoe (>= 1.5.1)
    thor (0.14.4)
    tilt (1.1)
    treetop (1.4.8)
      polyglot (>= 0.3.1)
    tzinfo (0.3.23)
    uuidtools (2.1.1)
    warden (1.0.1)
      rack (>= 1.0.0)
    yamler (0.1.0)
    yard (0.6.1)
    yardstick (0.2.0)
      yard (~> 0.6.1)
    yogo-datamapper (0.5.0)
      data_mapper (~> 1.0.2)
      dm-is-remixable
      yogo-operation
      yogo-support
    yogo-db (0.5.0)
      activesupport
      carrierwave
      data_mapper (~> 1.0.2)
      dm-postgres-adapter
      dm-sqlite-adapter
      json
      rack
      sinatra
      yogo-datamapper
      yogo-operation
    yogo-framework (0.5.1)
      data_mapper (~> 1.0.2)
      dm-is-list
      dm-is-versioned
      dm-rest-adapter
      yogo-datamapper
      yogo-db
      yogo-operation
      yogo-project
    yogo-operation (0.1.2)
      dataflow
      yogo-support (~> 0.1.0)
    yogo-project (0.5.1)
      carrierwave
      configatron
      data_mapper (~> 1.0.2)
      dm-is-remixable
      dm-postgres-adapter
      dm-sqlite-adapter
      facets
      yogo-operation
    yogo-support (0.1.1)

PLATFORMS
  ruby

DEPENDENCIES
  bcrypt-ruby
  bluecloth
  capistrano
  compass (>= 0.10.6)
  dm-is-list
  dm-is-versioned
  dm-migrations
  dm-rails
  dm-types
  dm-validations
  fastercsv
  haml
  inherited_resources
  jquery-rails
  mail
  mime-types
  pony
  rails
  rails_warden
  rake
  rspec
  rspec-core
  rspec-expectations
  rspec-mocks
  rspec-rails
  ruby-debug
  ruby-debug19
  test-unit (~> 1.2.1)
  uuidtools
  yard
  yardstick
  yogo-framework
  yogo-project
